PATH
  remote: .
  specs:
    origen_jtag (0.22.2)
      origen (~> 0.7, >= 0.7.35)
      origen_testers (>= 0.13.2)

GEM
  remote: http://rubygems.org/
  specs:
    activesupport (4.2.11.3)
      i18n (~> 0.7)
      minitest (~> 5.1)
      thread_safe (~> 0.3, >= 0.3.4)
      tzinfo (~> 1.1)
    ast (2.4.2)
    astrolabe (1.3.1)
      parser (~> 2.2)
    atp (1.1.3)
      ast (~> 2)
      origen (>= 0.2.3)
      sexpistol (~> 0.0)
    builder (3.2.4)
    byebug (8.2.5)
    coderay (1.1.3)
    colored (1.2)
    colorize (0.8.1)
    concurrent-ruby (1.2.2)
    coveralls (0.7.1)
      multi_json (~> 1.3)
      rest-client
      simplecov (>= 0.7)
      term-ansicolor
      thor
    cri (2.10.1)
      colored (~> 1.2)
    dentaku (3.5.2)
      concurrent-ruby
    diff-lcs (1.5.0)
    docile (1.4.0)
    domain_name (0.5.20190701)
      unf (>= 0.0.5, < 1.0.0)
    gems (0.8.3)
    highline (1.7.10)
    http-accept (1.7.0)
    http-cookie (1.0.5)
      domain_name (~> 0.5)
    httparty (0.21.0)
      mini_mime (>= 1.0.0)
      multi_xml (>= 0.5.2)
    i18n (0.9.5)
      concurrent-ruby (~> 1.0)
    json (2.7.1)
    kramdown (1.17.0)
    method_source (1.0.0)
    mime-types (3.5.2)
      mime-types-data (~> 3.2015)
    mime-types-data (3.2023.1205)
    mini_mime (1.1.5)
    mini_portile2 (2.3.0)
    minitest (5.20.0)
    multi_json (1.15.0)
    multi_xml (0.6.0)
    nanoc (3.7.5)
      cri (~> 2.3)
    net-ldap (0.18.0)
    netrc (0.11.0)
    nokogiri (1.8.5)
      mini_portile2 (~> 2.3.0)
    origen (0.60.7)
      activesupport (~> 4.1)
      bundler (> 1.7)
      coderay (~> 1.1)
      colored (~> 1.2)
      colorize (~> 0.8.1)
      concurrent-ruby
      cri (~> 2.10.0)
      dentaku (~> 3)
      gems (~> 0.8)
      highline (~> 1.7)
      httparty (~> 0.13)
      kramdown (~> 1.5)
      nanoc (~> 3.7.0)
      net-ldap (~> 0.13)
      nokogiri (>= 1.7.2)
      pry (~> 0.10)
      rake (~> 10)
      rspec (~> 3)
      rspec-legacy_formatters (~> 1)
      rubocop (= 0.30)
      scrub_rb (~> 1.0)
      simplecov (~> 0.17)
      simplecov-html (~> 0.10)
      thor (~> 0.19)
      yard (~> 0.8)
    origen_doc_helpers (0.8.6)
      origen (>= 0.7.15)
    origen_stil (0.3.0)
      ast (~> 2)
      origen (>= 0.33.3)
      treetop
    origen_testers (0.51.3)
      ast (~> 2)
      atp (~> 1.1, >= 1.1.3)
      dentaku (~> 3)
      origen (>= 0.60.7)
      origen_stil (>= 0.2.1)
      require_all (~> 1)
      rodf (~> 1)
      sexpistol (= 0.0.7)
      simplecov (~> 0.17)
      simplecov-html (~> 0.10.0)
    parser (2.7.2.0)
      ast (~> 2.4.1)
    polyglot (0.3.5)
    powerpack (0.1.3)
    pry (0.14.2)
      coderay (~> 1.1)
      method_source (~> 1.0)
    rainbow (2.2.2)
      rake
    rake (10.5.0)
    require_all (1.5.0)
    rest-client (2.1.0)
      http-accept (>= 1.7.0, < 2.0)
      http-cookie (>= 1.0.2, < 2.0)
      mime-types (>= 1.16, < 4.0)
      netrc (~> 0.8)
    rodf (1.2.0)
      builder (>= 3.0)
      rubyzip (>= 1.0)
    rspec (3.12.0)
      rspec-core (~> 3.12.0)
      rspec-expectations (~> 3.12.0)
      rspec-mocks (~> 3.12.0)
    rspec-core (3.12.2)
      rspec-support (~> 3.12.0)
    rspec-expectations (3.12.3)
      diff-lcs (>= 1.2.0, < 2.0)
      rspec-support (~> 3.12.0)
    rspec-legacy_formatters (1.0.2)
      rspec (~> 3.0)
    rspec-mocks (3.12.6)
      diff-lcs (>= 1.2.0, < 2.0)
      rspec-support (~> 3.12.0)
    rspec-support (3.12.1)
    rubocop (0.30.0)
      astrolabe (~> 1.3)
      parser (>= 2.2.0.1, < 3.0)
      powerpack (~> 0.1)
      rainbow (>= 1.99.1, < 3.0)
      ruby-progressbar (~> 1.4)
    ruby-progressbar (1.13.0)
    rubyzip (2.3.2)
    scrub_rb (1.0.1)
    sexpistol (0.0.7)
    simplecov (0.17.1)
      docile (~> 1.1)
      json (>= 1.8, < 3)
      simplecov-html (~> 0.10.0)
    simplecov-html (0.10.2)
    sync (0.5.0)
    term-ansicolor (1.7.1)
      tins (~> 1.0)
    thor (0.20.3)
    thread_safe (0.3.6)
    tins (1.32.1)
      sync
    treetop (1.6.12)
      polyglot (~> 0.3)
    tzinfo (1.2.11)
      thread_safe (~> 0.1)
    unf (0.1.4)
      unf_ext
    unf_ext (0.0.9.1)
    yard (0.9.34)

PLATFORMS
  ruby

DEPENDENCIES
  byebug (~> 8)
  coveralls
  nokogiri (= 1.8.5)
  origen_doc_helpers
  origen_jtag!
  origen_testers (>= 0.13.2)

BUNDLED WITH
   2.1.4
